FRAMEWORK: NET45
NUGET
  remote: https://www.nuget.org/api/v2
    FAKE (4.43)
    FParsec (1.0.2)
    FSharp.Compiler.Service (8.0) - framework: >= net45
      System.Collections.Immutable (>= 1.2)
      System.Reflection.Metadata (>= 1.4.1-beta-24227-04)
    FSharp.Compiler.Service.ProjectCracker (8.0)
    FSharp.Core (4.0.0.1) - redirects: on
    FSharpLint.Core (0.4.10)
      FParsec (>= 1.0.2)
      FSharp.Compiler.Service (>= 8.0)
      FSharp.Compiler.Service.ProjectCracker (>= 8.0)
    Mono.Cecil (0.9.6.4)
    NDesk.Options (0.2.1)
    Newtonsoft.Json (9.0.1)
    NUnit (3.5)
    NUnit.ConsoleRunner (3.5)
    NUnit.Extension.NUnitProjectLoader (3.5)
    NUnit.Extension.NUnitV2Driver (3.5)
    NUnit.Extension.NUnitV2ResultWriter (3.5)
    NUnit.Extension.TeamCityEventListener (1.0.2)
    NUnit.Extension.VSProjectLoader (3.5)
    NUnit.Runners (3.5)
      NUnit.ConsoleRunner (>= 3.5)
      NUnit.Extension.NUnitProjectLoader (>= 3.5)
      NUnit.Extension.NUnitV2Driver (>= 3.5)
      NUnit.Extension.NUnitV2ResultWriter (>= 3.5)
      NUnit.Extension.TeamCityEventListener (>= 1.0.2)
      NUnit.Extension.VSProjectLoader (>= 3.5)
    Octokit (0.23)
    Suave (1.1.3)
      FSharp.Core (>= 3.1.2.5)
    System.Collections.Immutable (1.3.0-preview1-24530-04)
    System.Reflection.Metadata (1.4.1-preview1-24530-04)
      System.Collections.Immutable (>= 1.3.0-preview1-24530-04)
GITHUB
  remote: fsharp/FAKE
    modules/Octokit/Octokit.fsx (da711ab136889bead398d5ac1a10dc53e60a2c87)
      Octokit (>= 0.20)